GEM
  remote: https://rubygems.org/
  specs:
    activesupport (6.1.7.3)
      concurrent-ruby (~> 1.0, >= 1.0.2)
      i18n (>= 1.6, < 2)
      minitest (>= 5.1)
      tzinfo (~> 2.0)
      zeitwerk (~> 2.3)
    addressable (2.8.2)
      public_suffix (>= 2.0.2, < 6.0)
    celluloid (0.17.3)
      celluloid-essentials
      celluloid-extras
      celluloid-fsm
      celluloid-pool
      celluloid-supervision
      timers (>= 4.1.1)
    celluloid-essentials (0.20.5)
      timers (>= 4.1.1)
    celluloid-extras (0.20.5)
      timers (>= 4.1.1)
    celluloid-fsm (0.20.5)
      timers (>= 4.1.1)
    celluloid-pool (0.20.5)
      timers (>= 4.1.1)
    celluloid-supervision (0.20.5)
      timers (>= 4.1.1)
    concurrent-ruby (1.2.2)
    crack (0.4.5)
      rexml
    diff-lcs (1.3)
    docile (1.4.0)
    docker-api (1.33.6)
      excon (>= 0.38.0)
      json
    dotenv (2.2.1)
    etcd (0.3.0)
      mixlib-log
    excon (0.99.0)
    ffi (1.15.5)
    fluent-logger (0.6.2)
      msgpack (>= 0.5.6, < 2)
    hashdiff (1.0.1)
    hitimes (1.2.3)
    i18n (1.12.0)
      concurrent-ruby (~> 1.0)
    json (2.6.3)
    kontena-websocket-client (0.1.1)
      websocket-driver (~> 0.6.5)
    minitest (5.18.0)
    mixlib-log (1.6.0)
    msgpack (1.0.3)
    optimist (3.0.1)
    public_suffix (5.0.1)
    rake (13.0.6)
    rbtrace (0.4.14)
      ffi (>= 1.0.6)
      msgpack (>= 0.4.3)
      optimist (>= 3.0.0)
    rexml (3.2.5)
    rspec (3.6.0)
      rspec-core (~> 3.6.0)
      rspec-expectations (~> 3.6.0)
      rspec-mocks (~> 3.6.0)
    rspec-core (3.6.0)
      rspec-support (~> 3.6.0)
    rspec-expectations (3.6.0)
      diff-lcs (>= 1.2.0, < 2.0)
      rspec-support (~> 3.6.0)
    rspec-mocks (3.6.0)
      diff-lcs (>= 1.2.0, < 2.0)
      rspec-support (~> 3.6.0)
    rspec-support (3.6.0)
    ruby-prof (0.16.2)
    simplecov (0.22.0)
      docile (~> 1.1)
      simplecov-html (~> 0.11)
      simplecov_json_formatter (~> 0.1)
    simplecov-html (0.12.3)
    simplecov_json_formatter (0.1.4)
    statsd-ruby (1.3.0)
    timers (4.1.1)
      hitimes
    tzinfo (2.0.6)
      concurrent-ruby (~> 1.0)
    vmstat (2.3.0)
    webmock (3.18.1)
      addressable (>= 2.8.0)
      crack (>= 0.3.2)
      hashdiff (>= 0.4.0, < 2.0.0)
    websocket-driver (0.6.5)
      websocket-extensions (>= 0.1.0)
    websocket-extensions (0.1.5)
    zeitwerk (2.6.7)

PLATFORMS
  ruby

DEPENDENCIES
  activesupport (~> 6.1.7, >= 6.1.7.3)
  celluloid (~> 0.17.3)
  docker-api (~> 1.33.6)
  dotenv
  etcd
  fluent-logger (~> 0.6.2)
  kontena-websocket-client (~> 0.1.0)
  msgpack (~> 1.0.3)
  rake (>= 12.3.3)
  rbtrace
  rspec
  ruby-prof
  simplecov
  statsd-ruby
  vmstat
  webmock

BUNDLED WITH
   1.17.3
