GEM
  remote: https://rubygems.org/
  specs:
    activesupport (5.2.8.1)
      concurrent-ruby (~> 1.0, >= 1.0.2)
      i18n (>= 0.7, < 2)
      minitest (~> 5.1)
      tzinfo (~> 1.1)
    addressable (2.8.1)
      public_suffix (>= 2.0.2, < 6.0)
    celluloid (0.17.4)
      celluloid-essentials
      celluloid-extras
      celluloid-fsm
      celluloid-pool
      celluloid-supervision
      timers (>= 4.1.1)
    celluloid-essentials (0.20.5)
      timers (>= 4.1.1)
    celluloid-extras (0.20.5)
      timers (>= 4.1.1)
    celluloid-fsm (0.20.5)
      timers (>= 4.1.1)
    celluloid-pool (0.20.5)
      timers (>= 4.1.1)
    celluloid-supervision (0.20.6)
      timers (>= 4.1.1)
    concurrent-ruby (1.1.10)
    crack (0.4.5)
      rexml
    diff-lcs (1.5.0)
    docile (1.4.0)
    docker-api (1.33.6)
      excon (>= 0.38.0)
      json
    dotenv (2.8.1)
    etcd (0.3.0)
      mixlib-log
    excon (0.93.1)
    ffi (1.15.5)
    fluent-logger (0.6.3)
      msgpack (>= 0.5.6, < 2)
    hashdiff (1.0.1)
    i18n (1.12.0)
      concurrent-ruby (~> 1.0)
    json (2.6.2)
    kontena-websocket-client (0.1.1)
      websocket-driver (~> 0.6.5)
    minitest (5.16.3)
    mixlib-log (3.0.9)
    msgpack (1.0.3)
    optimist (3.0.1)
    public_suffix (5.0.0)
    rake (13.0.6)
    rbtrace (0.4.14)
      ffi (>= 1.0.6)
      msgpack (>= 0.4.3)
      optimist (>= 3.0.0)
    rexml (3.2.5)
    rspec (3.11.0)
      rspec-core (~> 3.11.0)
      rspec-expectations (~> 3.11.0)
      rspec-mocks (~> 3.11.0)
    rspec-core (3.11.0)
      rspec-support (~> 3.11.0)
    rspec-expectations (3.11.1)
      diff-lcs (>= 1.2.0, < 2.0)
      rspec-support (~> 3.11.0)
    rspec-mocks (3.11.1)
      diff-lcs (>= 1.2.0, < 2.0)
      rspec-support (~> 3.11.0)
    rspec-support (3.11.1)
    ruby-prof (1.4.3)
    simplecov (0.21.2)
      docile (~> 1.1)
      simplecov-html (~> 0.11)
      simplecov_json_formatter (~> 0.1)
    simplecov-html (0.12.3)
    simplecov_json_formatter (0.1.4)
    statsd-ruby (1.5.0)
    thread_safe (0.3.6)
    timers (4.3.5)
    tzinfo (1.2.10)
      thread_safe (~> 0.1)
    vmstat (2.3.1)
    webmock (3.18.1)
      addressable (>= 2.8.0)
      crack (>= 0.3.2)
      hashdiff (>= 0.4.0, < 2.0.0)
    websocket-driver (0.6.5)
      websocket-extensions (>= 0.1.0)
    websocket-extensions (0.1.5)

PLATFORMS
  ruby

DEPENDENCIES
  activesupport (~> 5.2.4, >= 5.2.4.3)
  celluloid (~> 0.17.3)
  docker-api (~> 1.33.0)
  dotenv
  etcd
  fluent-logger (~> 0.6.2)
  kontena-websocket-client (~> 0.1.0)
  msgpack (~> 1.0.3)
  rake
  rbtrace
  rspec
  ruby-prof
  simplecov
  statsd-ruby
  vmstat
  webmock

BUNDLED WITH
   2.1.4
